GEM
  remote: http://192.168.27.170:9292/
  specs:
    rack (1.4.1)

PLATFORMS
  ruby

DEPENDENCIES
  rack (>= 1.0.0)
